GEM
  remote: https://rubygems.org/
  specs:
    oj (3.6.2)
    yajl-ruby (1.3.1)

PLATFORMS
  ruby

DEPENDENCIES
  oj (= 3.6.2)
  yajl-ruby (= 1.3.1)

BUNDLED WITH
   1.17.2
